GEM
  remote: https://rubygems.org/
  specs:
    andand (1.3.3)
    coderay (1.1.1)
    geocoder (1.3.7)
    icalendar (2.3.0)
    json (1.8.3)
    kdtree (0.3)
    kwalify (0.7.2)
    method_source (0.8.2)
    mini_portile2 (2.1.0)
    nearest_time_zone (0.0.4)
      andand
      kdtree
      require_all
    nokogiri (1.6.8)
      mini_portile2 (~> 2.1.0)
      pkg-config (~> 1.1.7)
    open-uri-cached (0.0.5)
    pkg-config (1.1.7)
    pry (0.10.3)
      coderay (~> 1.1.0)
      method_source (~> 0.8.1)
      slop (~> 3.4)
    require_all (1.3.3)
    slop (3.6.0)
    thread_safe (0.3.5)
    tzinfo (1.2.2)
      thread_safe (~> 0.1)
    tzinfo-data (1.2016.5)
      tzinfo (>= 1.0.0)
    word_wrap (0.2.2)

PLATFORMS
  ruby

DEPENDENCIES
  geocoder
  icalendar
  json
  kwalify
  nearest_time_zone
  nokogiri
  open-uri-cached
  pry
  slop (~> 3)
  tzinfo
  tzinfo-data
  word_wrap (~> 0.2)

BUNDLED WITH
   1.10.6
