GEM
  remote: https://rubygems.org/
  specs:
    andand (1.3.3)
    coderay (1.1.0)
    geocoder (1.2.6)
    icalendar (2.2.2)
    json (1.8.2)
    kdtree (0.3)
    kwalify (0.7.2)
    method_source (0.8.2)
    mini_portile (0.6.2)
    nearest_time_zone (0.0.3)
      andand
      kdtree
      require_all
    nokogiri (1.6.5)
      mini_portile (~> 0.6.0)
    pry (0.10.1)
      coderay (~> 1.1.0)
      method_source (~> 0.8.1)
      slop (~> 3.4)
    require_all (1.3.2)
    slop (3.6.0)
    thread_safe (0.3.4)
    tzinfo (1.2.2)
      thread_safe (~> 0.1)
    tzinfo-data (1.2014.10)
      tzinfo (>= 1.0.0)
    word_wrap (0.2.1)

PLATFORMS
  ruby

DEPENDENCIES
  geocoder
  icalendar
  json
  kwalify
  nearest_time_zone
  nokogiri
  pry
  slop (~> 3)
  tzinfo
  tzinfo-data
  word_wrap
